GEM
  remote: https://rubygems.org/
  specs:
    tiny_tds (2.1.5-x64-mingw32)

PLATFORMS
  x64-mingw32

DEPENDENCIES
  tiny_tds (~> 2.1, >= 2.1.5)

BUNDLED WITH
   2.2.17
